GEM
  remote: http://ruby.taobao.org/
  specs:

PLATFORMS
  ruby

DEPENDENCIES
